PATH
  remote: ..
  specs:
    ruboty-slack_socket_mode (0.0.1)
      faraday (~> 1.0)
      ruboty (>= 1.1.4)
      slack-ruby-client (~> 1.0)
      websocket-client-simple (>= 0.5.0)

PATH
  remote: ruboty-sample_plugin
  specs:
    ruboty-sample_plugin (0.1.0)

GEM
  remote: https://rubygems.org/
  specs:
    activesupport (7.0.2.3)
      concurrent-ruby (~> 1.0, >= 1.0.2)
      i18n (>= 1.6, < 2)
      minitest (>= 5.1)
      tzinfo (~> 2.0)
    concurrent-ruby (1.1.10)
    dotenv (2.7.6)
    event_emitter (0.2.6)
    faraday (1.10.0)
      faraday-em_http (~> 1.0)
      faraday-em_synchrony (~> 1.0)
      faraday-excon (~> 1.1)
      faraday-httpclient (~> 1.0)
      faraday-multipart (~> 1.0)
      faraday-net_http (~> 1.0)
      faraday-net_http_persistent (~> 1.0)
      faraday-patron (~> 1.0)
      faraday-rack (~> 1.0)
      faraday-retry (~> 1.0)
      ruby2_keywords (>= 0.0.4)
    faraday-em_http (1.0.0)
    faraday-em_synchrony (1.0.0)
    faraday-excon (1.1.0)
    faraday-httpclient (1.0.1)
    faraday-multipart (1.0.3)
      multipart-post (>= 1.2, < 3)
    faraday-net_http (1.0.1)
    faraday-net_http_persistent (1.2.0)
    faraday-patron (1.0.0)
    faraday-rack (1.0.0)
    faraday-retry (1.0.3)
    faraday_middleware (1.2.0)
      faraday (~> 1.0)
    gli (2.21.0)
    hashie (5.0.0)
    i18n (1.10.0)
      concurrent-ruby (~> 1.0)
    mem (0.1.5)
    minitest (5.15.0)
    multipart-post (2.1.1)
    ruboty (1.3.1)
      activesupport
      bundler
      dotenv
      mem
      slop
    ruby2_keywords (0.0.5)
    slack-ruby-client (1.0.0)
      faraday (>= 1.0)
      faraday_middleware
      gli
      hashie
      websocket-driver
    slop (4.9.2)
    tzinfo (2.0.4)
      concurrent-ruby (~> 1.0)
    websocket (1.2.9)
    websocket-client-simple (0.5.1)
      event_emitter
      websocket
    websocket-driver (0.7.5)
      websocket-extensions (>= 0.1.0)
    websocket-extensions (0.1.5)

PLATFORMS
  ruby

DEPENDENCIES
  ruboty
  ruboty-sample_plugin!
  ruboty-slack_socket_mode!

BUNDLED WITH
   2.1.4
